GIT
  remote: https://github.com/jonnolen/dukpt.git
  revision: a90d8322c3f9b7950187e975f04cba616230eeee
  ref: a90d8322c3f9b7950
  specs:
    dukpt (0.0.1)

GEM
  remote: https://rubygems.org/
  specs:
    rack (1.4.1)
    rack-protection (1.2.0)
      rack
    sinatra (1.3.3)
      rack (~> 1.3, >= 1.3.6)
      rack-protection (~> 1.2)
      tilt (~> 1.3, >= 1.3.3)
    tilt (1.3.3)

PLATFORMS
  ruby

DEPENDENCIES
  dukpt!
  sinatra
